GEM
  remote: https://rubygems.org/
  specs:
    ansi (1.5.0)
    builder (3.3.0)
    ffi (1.17.0-aarch64-linux-gnu)
    ffi (1.17.0-arm64-darwin)
    ffi (1.17.0-x86_64-linux-gnu)
    minitest (5.25.5)
    minitest-fail-fast (0.1.0)
      minitest (~> 5)
    minitest-focus (1.4.0)
      minitest (>= 4, < 6)
    minitest-reporters (1.7.1)
      ansi
      builder
      minitest (>= 5.0)
      ruby-progressbar
    prettier_print (1.2.1)
    prism (1.4.0)
    rake (13.3.0)
    ruby-llvm (18.1.8)
      ffi (~> 1.13)
      rake (>= 12, < 14)
    ruby-progressbar (1.13.0)
    syntax_tree (6.3.0)
      prettier_print (>= 1.2.0)

PLATFORMS
  aarch64-linux
  arm64-darwin-23
  x86_64-linux

DEPENDENCIES
  minitest
  minitest-fail-fast
  minitest-focus
  minitest-reporters
  prism
  rake
  ruby-llvm
  syntax_tree

BUNDLED WITH
   2.7.1
