GEM
  remote: https://rubygems.org/
  specs:
    ansi (1.5.0)
    builder (3.2.4)
    ffi (1.16.3)
    minitest (5.21.2)
    minitest-focus (1.4.0)
      minitest (>= 4, < 6)
    minitest-reporters (1.6.1)
      ansi
      builder
      minitest (>= 5.0)
      ruby-progressbar
    prism (0.19.0)
    rake (13.1.0)
    ruby-llvm (17.0.0)
      ffi (~> 1.13)
      rake (>= 12, < 14)
    ruby-progressbar (1.13.0)

PLATFORMS
  arm64-darwin-23
  x86_64-linux

DEPENDENCIES
  minitest
  minitest-focus
  minitest-reporters
  prism
  rake
  ruby-llvm

BUNDLED WITH
   2.3.26
