GIT
  remote: https://github.com/seven1m/ruby-llvm.git
  revision: 0d671011419d881b730ee1bd721ac8e08ee3b1e9
  specs:
    ruby-llvm (16.0.0)
      ffi (~> 1.13)
      rake (>= 12, < 14)

GEM
  remote: https://rubygems.org/
  specs:
    ansi (1.5.0)
    builder (3.2.4)
    ffi (1.15.5)
    minitest (5.16.3)
    minitest-focus (1.3.1)
      minitest (>= 4, < 6)
    minitest-reporters (1.5.0)
      ansi
      builder
      minitest (>= 5.0)
      ruby-progressbar
    natalie_parser (2.2.0)
    rake (13.0.6)
    ruby-progressbar (1.11.0)

PLATFORMS
  x86_64-linux

DEPENDENCIES
  minitest
  minitest-focus
  minitest-reporters
  natalie_parser
  rake
  ruby-llvm!

BUNDLED WITH
   2.3.26
