GEM
  remote: https://rubygems.org/
  specs:
    ansi (1.5.0)
    ast (2.4.2)
    builder (3.2.4)
    ffi (1.16.3)
    json (2.7.2)
    language_server-protocol (3.17.0.3)
    minitest (5.21.2)
    minitest-fail-fast (0.1.0)
      minitest (~> 5)
    minitest-focus (1.4.0)
      minitest (>= 4, < 6)
    minitest-reporters (1.6.1)
      ansi
      builder
      minitest (>= 5.0)
      ruby-progressbar
    parallel (1.24.0)
    parser (3.3.1.0)
      ast (~> 2.4.1)
      racc
    prettier_print (1.2.1)
    prism (0.19.0)
    racc (1.8.0)
    rainbow (3.1.1)
    rake (13.1.0)
    regexp_parser (2.9.2)
    rexml (3.2.8)
      strscan (>= 3.0.9)
    rubocop (1.64.0)
      json (~> 2.3)
      language_server-protocol (>= 3.17.0)
      parallel (~> 1.10)
      parser (>= 3.3.0.2)
      rainbow (>= 2.2.2, < 4.0)
      regexp_parser (>= 1.8, < 3.0)
      rexml (>= 3.2.5, < 4.0)
      rubocop-ast (>= 1.31.1, < 2.0)
      ruby-progressbar (~> 1.7)
      unicode-display_width (>= 2.4.0, < 3.0)
    rubocop-ast (1.31.3)
      parser (>= 3.3.1.0)
    rubocop-minitest (0.35.0)
      rubocop (>= 1.61, < 2.0)
      rubocop-ast (>= 1.31.1, < 2.0)
    ruby-llvm (17.0.0)
      ffi (~> 1.13)
      rake (>= 12, < 14)
    ruby-progressbar (1.13.0)
    strscan (3.1.0)
    syntax_tree (6.2.0)
      prettier_print (>= 1.2.0)
    unicode-display_width (2.5.0)

PLATFORMS
  aarch64-linux
  arm64-darwin-23
  x86_64-linux

DEPENDENCIES
  minitest
  minitest-fail-fast
  minitest-focus
  minitest-reporters
  prism
  rake
  rubocop
  rubocop-minitest
  ruby-llvm
  syntax_tree

BUNDLED WITH
   2.3.26
